GEM
  remote: https://rubygems.org/
  specs:
    activemodel (3.2.22.5)
      activesupport (= 3.2.22.5)
      builder (~> 3.0.0)
    activerecord (3.2.22.5)
      activemodel (= 3.2.22.5)
      activesupport (= 3.2.22.5)
      arel (~> 3.0.2)
      tzinfo (~> 0.3.29)
    activesupport (3.2.22.5)
      i18n (~> 0.6, >= 0.6.4)
      multi_json (~> 1.0)
    arel (3.0.3)
    builder (3.0.4)
    bundler-audit (0.3.1)
      bundler (~> 1.2)
      thor (~> 0.18)
    ffi (1.9.18)
    i18n (0.8.6)
    listen (3.1.5)
      rb-fsevent (~> 0.9, >= 0.9.4)
      rb-inotify (~> 0.9, >= 0.9.7)
      ruby_dep (~> 1.2)
    mini_portile2 (2.2.0)
    multi_json (1.12.1)
    mysql (2.9.1)
    nokogiri (1.8.0)
      mini_portile2 (~> 2.2.0)
    puma (2.11.1)
      rack (>= 1.1, < 2.0)
    rack (1.6.2)
    rack-protection (1.5.3)
      rack
    rawler (0.1.8)
      nokogiri (~> 1.5)
    rb-fsevent (0.10.2)
    rb-inotify (0.9.10)
      ffi (>= 0.5.0, < 2)
    rerun (0.11.0)
      listen (~> 3.0)
    ruby_dep (1.5.0)
    sinatra (1.4.6)
      rack (~> 1.4)
      rack-protection (~> 1.4)
      tilt (>= 1.3, < 3)
    sinatra-activerecord (2.0.13)
      activerecord (>= 3.2)
      sinatra (>= 1.0)
    thor (0.20.0)
    tilt (2.0.8)
    tzinfo (0.3.53)
    will_paginate (3.1.6)

PLATFORMS
  ruby

DEPENDENCIES
  activerecord (~> 3.0)
  bundler-audit (= 0.3.1)
  mysql
  puma (= 2.11.1)
  rack (= 1.6.2)
  rawler
  rerun
  sinatra (= 1.4.6)
  sinatra-activerecord
  will_paginate

RUBY VERSION
   ruby 2.3.3p222

BUNDLED WITH
   1.12.5
